GIT
  remote: git://github.com/jnicklas/capybara.git
  revision: bad6d566f86d63f06671b867ca08941814419fba
  branch: master
  specs:
    capybara (2.6.0.dev)
      mime-types (>= 1.16)
      nokogiri (>= 1.3.3)
      rack (>= 1.0.0)
      rack-test (>= 0.5.4)
      xpath (~> 2.0)

GIT
  remote: git://github.com/rack/rack.git
  revision: 96ae9b9fed8d6809383b6f48a5884437e76f8ca4
  specs:
    rack (2.0.0.alpha)
      json

GIT
  remote: git://github.com/rails/arel.git
  revision: 3c429c5d86e9e2201c2a35d934ca6a8911c18e69
  specs:
    arel (7.0.0.alpha)

GIT
  remote: git://github.com/rails/rails.git
  revision: 7cd491796a2d6cc7102073344cbed8f94b8ed92c
  specs:
    actionmailer (5.0.0.alpha)
      actionpack (= 5.0.0.alpha)
      actionview (= 5.0.0.alpha)
      activejob (= 5.0.0.alpha)
      mail (~> 2.5, >= 2.5.4)
      rails-dom-testing (~> 1.0, >= 1.0.5)
    actionpack (5.0.0.alpha)
      actionview (= 5.0.0.alpha)
      activesupport (= 5.0.0.alpha)
      rack (~> 2.x)
      rack-test (~> 0.6.3)
      rails-dom-testing (~> 1.0, >= 1.0.5)
      rails-html-sanitizer (~> 1.0, >= 1.0.2)
    actionview (5.0.0.alpha)
      activesupport (= 5.0.0.alpha)
      builder (~> 3.1)
      erubis (~> 2.7.0)
      rails-dom-testing (~> 1.0, >= 1.0.5)
      rails-html-sanitizer (~> 1.0, >= 1.0.2)
    activejob (5.0.0.alpha)
      activesupport (= 5.0.0.alpha)
      globalid (>= 0.3.0)
    activemodel (5.0.0.alpha)
      activesupport (= 5.0.0.alpha)
      builder (~> 3.1)
    activerecord (5.0.0.alpha)
      activemodel (= 5.0.0.alpha)
      activesupport (= 5.0.0.alpha)
      arel (= 7.0.0.alpha)
    activesupport (5.0.0.alpha)
      concurrent-ruby (~> 1.0)
      i18n (~> 0.7)
      json (~> 1.7, >= 1.7.7)
      method_source
      minitest (~> 5.1)
      tzinfo (~> 1.1)
    rails (5.0.0.alpha)
      actionmailer (= 5.0.0.alpha)
      actionpack (= 5.0.0.alpha)
      actionview (= 5.0.0.alpha)
      activejob (= 5.0.0.alpha)
      activemodel (= 5.0.0.alpha)
      activerecord (= 5.0.0.alpha)
      activesupport (= 5.0.0.alpha)
      bundler (>= 1.3.0, < 2.0)
      railties (= 5.0.0.alpha)
      sprockets-rails (>= 2.0.0)
    railties (5.0.0.alpha)
      actionpack (= 5.0.0.alpha)
      activesupport (= 5.0.0.alpha)
      method_source
      rake (>= 0.8.7)
      thor (>= 0.18.1, < 2.0)

GEM
  remote: https://rubygems.org/
  specs:
    addressable (2.4.0)
    bcrypt (3.1.10)
    bcrypt-ruby (3.1.5)
      bcrypt (>= 3.1.3)
    builder (3.2.2)
    childprocess (0.5.8)
      ffi (~> 1.0, >= 1.0.11)
    coffee-script (2.4.1)
      coffee-script-source
      execjs
    coffee-script-source (1.10.0)
    concurrent-ruby (1.0.0)
    cvss (0.99.0)
    data_mapper (1.2.0)
      dm-aggregates (~> 1.2.0)
      dm-constraints (~> 1.2.0)
      dm-core (~> 1.2.0)
      dm-migrations (~> 1.2.0)
      dm-serializer (~> 1.2.0)
      dm-timestamps (~> 1.2.0)
      dm-transactions (~> 1.2.0)
      dm-types (~> 1.2.0)
      dm-validations (~> 1.2.0)
    data_objects (0.10.16)
      addressable (~> 2.1)
    dawnscanner (1.5.1)
      cvss
      data_mapper
      dm-sqlite-adapter
      haml
      justify
      logger-colors
      ptools
      ruby_parser
      sqlite3
      sys-uname
      terminal-table
    diff-lcs (1.2.5)
    dm-aggregates (1.2.0)
      dm-core (~> 1.2.0)
    dm-constraints (1.2.0)
      dm-core (~> 1.2.0)
    dm-core (1.2.1)
      addressable (~> 2.3)
    dm-do-adapter (1.2.0)
      data_objects (~> 0.10.6)
      dm-core (~> 1.2.0)
    dm-migrations (1.2.0)
      dm-core (~> 1.2.0)
    dm-serializer (1.2.2)
      dm-core (~> 1.2.0)
      fastercsv (~> 1.5)
      json (~> 1.6)
      json_pure (~> 1.6)
      multi_json (~> 1.0)
    dm-sqlite-adapter (1.2.0)
      dm-do-adapter (~> 1.2.0)
      do_sqlite3 (~> 0.10.6)
    dm-timestamps (1.2.0)
      dm-core (~> 1.2.0)
    dm-transactions (1.2.0)
      dm-core (~> 1.2.0)
    dm-types (1.2.2)
      bcrypt-ruby (~> 3.0)
      dm-core (~> 1.2.0)
      fastercsv (~> 1.5)
      json (~> 1.6)
      multi_json (~> 1.0)
      stringex (~> 1.4)
      uuidtools (~> 2.1)
    dm-validations (1.2.0)
      dm-core (~> 1.2.0)
    do_sqlite3 (0.10.16)
      data_objects (= 0.10.16)
    erubis (2.7.0)
    execjs (2.6.0)
    fastercsv (1.5.5)
    ffi (1.9.10)
    globalid (0.3.6)
      activesupport (>= 4.1.0)
    haml (4.0.7)
      tilt
    i18n (0.7.0)
    iniparse (1.4.2)
    jquery-rails (4.0.5)
      rails-dom-testing (~> 1.0)
      railties (>= 4.2.0)
      thor (>= 0.14, < 2.0)
    json (1.8.3)
    json_pure (1.8.3)
    justify (1.0.2)
    launchy (2.4.3)
      addressable (~> 2.3)
    logger-colors (1.0.0)
    loofah (2.0.3)
      nokogiri (>= 1.5.9)
    mail (2.6.3)
      mime-types (>= 1.16, < 3)
    method_source (0.8.2)
    mime-types (2.99)
    mini_portile2 (2.0.0)
    minitest (5.8.3)
    multi_json (1.11.2)
    nokogiri (1.6.7)
      mini_portile2 (~> 2.0.0.rc2)
    overcommit (0.29.1)
      childprocess (~> 0.5.6)
      iniparse (~> 1.4)
    ptools (1.3.3)
    rack-test (0.6.3)
      rack (>= 1.0)
    rails-deprecated_sanitizer (1.0.3)
      activesupport (>= 4.2.0.alpha)
    rails-dom-testing (1.0.7)
      activesupport (>= 4.2.0.beta, < 5.0)
      nokogiri (~> 1.6.0)
      rails-deprecated_sanitizer (>= 1.0.1)
    rails-html-sanitizer (1.0.2)
      loofah (~> 2.0)
    rake (10.4.2)
    rb-inotify (0.9.5)
      ffi (>= 0.5.0)
    rspec-core (3.1.7)
      rspec-support (~> 3.1.0)
    rspec-expectations (3.1.2)
      diff-lcs (>= 1.2.0, < 2.0)
      rspec-support (~> 3.1.0)
    rspec-mocks (3.1.3)
      rspec-support (~> 3.1.0)
    rspec-rails (3.1.0)
      actionpack (>= 3.0)
      activesupport (>= 3.0)
      railties (>= 3.0)
      rspec-core (~> 3.1.0)
      rspec-expectations (~> 3.1.0)
      rspec-mocks (~> 3.1.0)
      rspec-support (~> 3.1.0)
    rspec-support (3.1.2)
    ruby_parser (3.7.2)
      sexp_processor (~> 4.1)
    sass (3.4.20)
    sexp_processor (4.6.0)
    sprockets (3.5.2)
      concurrent-ruby (~> 1.0)
      rack (> 1, < 3)
    sprockets-rails (2.3.3)
      actionpack (>= 3.0)
      activesupport (>= 3.0)
      sprockets (>= 2.8, < 4.0)
    sqlite3 (1.3.11)
    stringex (1.5.1)
    sys-uname (1.0.2)
      ffi (>= 1.0.0)
    terminal-table (1.5.2)
    thor (0.19.1)
    thread_safe (0.3.5)
    tilt (2.0.1)
    tzinfo (1.2.2)
      thread_safe (~> 0.1)
    uglifier (2.7.2)
      execjs (>= 0.3.0)
      json (>= 1.8.0)
    uuidtools (2.1.5)
    xpath (2.0.0)
      nokogiri (~> 1.3)

PLATFORMS
  ruby

DEPENDENCIES
  arel!
  capybara!
  coffee-script
  dawnscanner
  jquery-rails
  launchy
  overcommit
  rack!
  rails!
  rb-inotify
  rspec-rails
  sass
  sqlite3
  uglifier

BUNDLED WITH
   1.11.0
